GEM
  remote: http://rubygems.org/
  specs:
    dalli (2.6.2)
    json (1.7.7)
    nokogiri (1.5.9)
    oauth (0.4.7)
    rack (1.5.2)
    rack-cache (1.2)
      rack (>= 0.4)
    rack-protection (1.5.0)
      rack
    sinatra (1.4.2)
      rack (~> 1.5, >= 1.5.2)
      rack-protection (~> 1.4)
      tilt (~> 1.3, >= 1.3.4)
    tilt (1.3.7)

PLATFORMS
  ruby

DEPENDENCIES
  dalli
  json
  nokogiri
  oauth
  rack-cache
  sinatra
